PATH
  remote: .
  specs:
    tinify (1.5.1)
      httpclient (~> 2.6)

GEM
  remote: https://rubygems.org/
  specs:
    addressable (2.8.1)
      public_suffix (>= 2.0.2, < 6.0)
    crack (0.4.5)
      rexml
    hashdiff (1.0.1)
    httpclient (2.8.3)
    minitest (5.16.3)
    public_suffix (5.0.0)
    rake (10.5.0)
    rexml (3.2.5)
    webmock (1.23.0)
      addressable (>= 2.3.6)
      crack (>= 0.3.2)
      hashdiff

PLATFORMS
  ruby

DEPENDENCIES
  bundler (~> 1.7)
  minitest (~> 5.5)
  rake (~> 10.0)
  tinify!
  webmock (~> 1.23.0)

BUNDLED WITH
   1.17.2
